PATH
  remote: .
  specs:
    fieldy (1.1.0)

GEM
  remote: https://rubygems.org/
  specs:
    rake (10.4.2)

PLATFORMS
  ruby

DEPENDENCIES
  bundler (~> 1.7)
  fieldy!
  rake (~> 10.0)
